GEM
  remote: http://rubygems.org/
  specs:
    backports (3.11.3)
    concurrent-ruby (1.0.5)
    daemons (1.2.6)
    eventmachine (1.2.5)
    i18n (0.9.5)
      concurrent-ruby (~> 1.0)
    multi_json (1.13.1)
    mustermann (1.0.2)
    rack (2.0.4)
    rack-accept (0.4.5)
      rack (>= 0.4)
    rack-protection (2.0.1)
      rack
    rake (12.3.1)
    sinatra (2.0.1)
      mustermann (~> 1.0)
      rack (~> 2.0)
      rack-protection (= 2.0.1)
      tilt (~> 2.0)
    sinatra-contrib (2.0.1)
      backports (>= 2.0)
      multi_json
      mustermann (~> 1.0)
      rack-protection (= 2.0.1)
      sinatra (= 2.0.1)
      tilt (>= 1.3, < 3)
    thin (1.7.2)
      daemons (~> 1.0, >= 1.0.9)
      eventmachine (~> 1.0, >= 1.0.4)
      rack (>= 1, < 3)
    tilt (2.0.8)
    turnout (2.4.1)
      i18n (~> 0.7)
      rack (>= 1.3, < 3)
      rack-accept (~> 0.4)
      tilt (>= 1.4, < 3)

PLATFORMS
  ruby

DEPENDENCIES
  rake
  sinatra
  sinatra-contrib
  thin
  turnout

RUBY VERSION
   ruby 2.4.3p205

BUNDLED WITH
   1.16.1
